GEM
  remote: https://rubygems.org/
  specs:
    colorize (0.8.1)
    sqlite3 (1.4.2)

PLATFORMS
  ruby
  x64-mingw32

DEPENDENCIES
  colorize
  sqlite3

RUBY VERSION
   ruby 2.7.2p137

BUNDLED WITH
   2.2.13
